GEM
  remote: https://rubygems.org/
  specs:
    rubyzip (1.2.2)

PLATFORMS
  ruby

DEPENDENCIES
  rubyzip (>= 1.0.0)

BUNDLED WITH
   2.0.1
